GIT
  remote: git://github.com/nickcampbell18/omxplayer.git
  revision: 38b15a33d6e7b3e68594cb1313754b4eba364b2b
  specs:
    omxplayer (0.0.2)

GEM
  remote: http://rubygems.org/
  specs:
    kgio (2.7.4)
    rack (1.4.1)
    rack-protection (1.2.0)
      rack
    raindrops (0.10.0)
    sinatra (1.3.3)
      rack (~> 1.3, >= 1.3.6)
      rack-protection (~> 1.2)
      tilt (~> 1.3, >= 1.3.3)
    tilt (1.3.3)
    unicorn (4.5.0)
      kgio (~> 2.6)
      rack
      raindrops (~> 0.7)

PLATFORMS
  ruby

DEPENDENCIES
  omxplayer!
  sinatra
  unicorn
