GIT
  remote: git://github.com/nickcampbell18/omxplayer.git
  revision: 2f03010843c00066d8923cf9c40a7129e218aa8f
  specs:
    omxplayer (0.5.0)

GEM
  remote: https://rubygems.org/
  specs:
    daemons (1.1.9)
    eventmachine (1.0.0)
    rack (1.4.1)
    rack-protection (1.2.0)
      rack
    sinatra (1.3.3)
      rack (~> 1.3, >= 1.3.6)
      rack-protection (~> 1.2)
      tilt (~> 1.3, >= 1.3.3)
    thin (1.5.0)
      daemons (>= 1.0.9)
      eventmachine (>= 0.12.6)
      rack (>= 1.0.0)
    tilt (1.3.3)

PLATFORMS
  ruby

DEPENDENCIES
  omxplayer (~> 0.5.0)!
  sinatra
  thin
